GIT
  remote: git://github.com/thoughtbot/paperclip.git
  revision: ae802a3442bffa18384c03ced7ab1c21afbd6815
  specs:
    paperclip (4.2.0)
      activemodel (>= 3.0.0)
      activesupport (>= 3.0.0)
      cocaine (~> 0.5.3)
      mime-types

GEM
  remote: https://rubygems.org/
  specs:
    actionmailer (4.1.5)
      actionpack (= 4.1.5)
      actionview (= 4.1.5)
      mail (~> 2.5.4)
    actionpack (4.1.5)
      actionview (= 4.1.5)
      activesupport (= 4.1.5)
      rack (~> 1.5.2)
      rack-test (~> 0.6.2)
    actionview (4.1.5)
      activesupport (= 4.1.5)
      builder (~> 3.1)
      erubis (~> 2.7.0)
    active_model_serializers (0.9.0)
      activemodel (>= 3.2)
    activemodel (4.1.5)
      activesupport (= 4.1.5)
      builder (~> 3.1)
    activerecord (4.1.5)
      activemodel (= 4.1.5)
      activesupport (= 4.1.5)
      arel (~> 5.0.0)
    activesupport (4.1.5)
      i18n (~> 0.6, >= 0.6.9)
      json (~> 1.7, >= 1.7.7)
      minitest (~> 5.1)
      thread_safe (~> 0.1)
      tzinfo (~> 1.1)
    acts_as_commentable (3.0.1)
    acts_as_commentable_with_threading (1.2.0)
      activerecord (>= 3.0)
      activesupport (>= 3.0)
      awesome_nested_set (>= 2.0)
    acts_as_votable (0.10.0)
    angularjs-rails (1.2.22)
    arel (5.0.1.20140414130214)
    awesome_nested_set (3.0.1)
      activerecord (>= 4.0.0, < 5)
    bcrypt (3.1.7)
    better_errors (2.0.0)
      coderay (>= 1.0.0)
      erubis (>= 2.6.6)
      rack (>= 0.9.0)
    binding_of_caller (0.7.2)
      debug_inspector (>= 0.0.1)
    builder (3.2.2)
    capybara (2.4.1)
      mime-types (>= 1.16)
      nokogiri (>= 1.3.3)
      rack (>= 1.0.0)
      rack-test (>= 0.5.4)
      xpath (~> 2.0)
    celluloid (0.16.0)
      timers (~> 4.0.0)
    childprocess (0.5.3)
      ffi (~> 1.0, >= 1.0.11)
    climate_control (0.0.3)
      activesupport (>= 3.0)
    cliver (0.3.2)
    cocaine (0.5.4)
      climate_control (>= 0.0.3, < 1.0)
    coderay (1.1.0)
    coffee-rails (4.0.1)
      coffee-script (>= 2.2.0)
      railties (>= 4.0.0, < 5.0)
    coffee-script (2.3.0)
      coffee-script-source
      execjs
    coffee-script-source (1.8.0)
    database_cleaner (1.3.0)
    debug_inspector (0.0.2)
    devise (3.3.0)
      bcrypt (~> 3.0)
      orm_adapter (~> 0.1)
      railties (>= 3.2.6, < 5)
      thread_safe (~> 0.1)
      warden (~> 1.2.3)
    diff-lcs (1.2.5)
    erubis (2.7.0)
    execjs (2.2.1)
    factory_girl (4.4.0)
      activesupport (>= 3.0.0)
    factory_girl_rails (4.4.1)
      factory_girl (~> 4.4.0)
      railties (>= 3.0.0)
    ffi (1.9.3)
    figaro (0.7.0)
      bundler (~> 1.0)
      rails (>= 3, < 5)
    font-awesome-rails (4.2.0.0)
      railties (>= 3.2, < 5.0)
    formatador (0.2.5)
    foundation-rails (5.4.3.1)
      railties (>= 3.1.0)
      sass (>= 3.2.0)
    gravatar_image_tag (1.2.0)
    guard (2.6.1)
      formatador (>= 0.2.4)
      listen (~> 2.7)
      lumberjack (~> 1.0)
      pry (>= 0.9.12)
      thor (>= 0.18.1)
    guard-rspec (4.3.1)
      guard (~> 2.1)
      rspec (>= 2.14, < 4.0)
    guard-spork (1.5.1)
      childprocess (>= 0.2.3)
      guard (>= 1.1)
      spork (>= 0.8.4)
    hike (1.2.3)
    hitimes (1.2.2)
    httparty (0.13.1)
      json (~> 1.8)
      multi_xml (>= 0.5.2)
    i18n (0.6.11)
    jasmine (2.0.2)
      jasmine-core (~> 2.0.0)
      phantomjs
      rack (>= 1.2.1)
      rake
    jasmine-core (2.0.2)
    jbuilder (2.1.3)
      activesupport (>= 3.0.0, < 5)
      multi_json (~> 1.2)
    jquery-rails (3.1.2)
      railties (>= 3.0, < 5.0)
      thor (>= 0.14, < 2.0)
    js-routes (0.9.9)
      railties (>= 3.2)
      sprockets-rails
    json (1.8.1)
    listen (2.7.9)
      celluloid (>= 0.15.2)
      rb-fsevent (>= 0.9.3)
      rb-inotify (>= 0.9)
    lumberjack (1.0.9)
    mail (2.5.4)
      mime-types (~> 1.16)
      treetop (~> 1.4.8)
    method_source (0.8.2)
    mime-types (1.25.1)
    mini_portile (0.6.0)
    minitest (5.4.1)
    multi_json (1.10.1)
    multi_xml (0.5.5)
    nokogiri (1.6.3.1)
      mini_portile (= 0.6.0)
    orm_adapter (0.5.0)
    pg (0.17.1)
    phantomjs (1.9.7.1)
    poltergeist (1.5.1)
      capybara (~> 2.1)
      cliver (~> 0.3.1)
      multi_json (~> 1.0)
      websocket-driver (>= 0.2.0)
    polyglot (0.3.5)
    prerender_rails (1.1.0)
      activesupport
      rack
    pry (0.10.1)
      coderay (~> 1.1.0)
      method_source (~> 0.8.1)
      slop (~> 3.4)
    rack (1.5.2)
    rack-test (0.6.2)
      rack (>= 1.0)
    rails (4.1.5)
      actionmailer (= 4.1.5)
      actionpack (= 4.1.5)
      actionview (= 4.1.5)
      activemodel (= 4.1.5)
      activerecord (= 4.1.5)
      activesupport (= 4.1.5)
      bundler (>= 1.3.0, < 2.0)
      railties (= 4.1.5)
      sprockets-rails (~> 2.0)
    rails_12factor (0.0.2)
      rails_serve_static_assets
      rails_stdout_logging
    rails_serve_static_assets (0.0.2)
    rails_stdout_logging (0.0.3)
    railties (4.1.5)
      actionpack (= 4.1.5)
      activesupport (= 4.1.5)
      rake (>= 0.8.7)
      thor (>= 0.18.1, < 2.0)
    rake (10.3.2)
    rb-fsevent (0.9.4)
    rb-inotify (0.9.5)
      ffi (>= 0.5.0)
    rdoc (4.1.2)
      json (~> 1.4)
    rspec (3.0.0)
      rspec-core (~> 3.0.0)
      rspec-expectations (~> 3.0.0)
      rspec-mocks (~> 3.0.0)
    rspec-core (3.0.4)
      rspec-support (~> 3.0.0)
    rspec-expectations (3.0.4)
      diff-lcs (>= 1.2.0, < 2.0)
      rspec-support (~> 3.0.0)
    rspec-mocks (3.0.4)
      rspec-support (~> 3.0.0)
    rspec-rails (3.0.2)
      actionpack (>= 3.0)
      activesupport (>= 3.0)
      railties (>= 3.0)
      rspec-core (~> 3.0.0)
      rspec-expectations (~> 3.0.0)
      rspec-mocks (~> 3.0.0)
      rspec-support (~> 3.0.0)
    rspec-support (3.0.4)
    rubyzip (1.1.6)
    sass (3.2.19)
    sass-rails (4.0.3)
      railties (>= 4.0.0, < 5.0)
      sass (~> 3.2.0)
      sprockets (~> 2.8, <= 2.11.0)
      sprockets-rails (~> 2.0)
    sdoc (0.4.1)
      json (~> 1.7, >= 1.7.7)
      rdoc (~> 4.0)
    selenium-webdriver (2.43.0)
      childprocess (~> 0.5)
      multi_json (~> 1.0)
      rubyzip (~> 1.0)
      websocket (~> 1.0)
    shoulda (3.5.0)
      shoulda-context (~> 1.0, >= 1.0.1)
      shoulda-matchers (>= 1.4.1, < 3.0)
    shoulda-context (1.2.1)
    shoulda-matchers (2.7.0)
      activesupport (>= 3.0.0)
    simple_form (3.0.2)
      actionpack (~> 4.0)
      activemodel (~> 4.0)
    slop (3.6.0)
    spork (1.0.0rc4)
    spork-rails (4.0.0)
      rails (>= 3.0.0, < 5)
      spork (>= 1.0rc0)
    spring (1.1.3)
    sprockets (2.11.0)
      hike (~> 1.2)
      multi_json (~> 1.0)
      rack (~> 1.0)
      tilt (~> 1.1, != 1.3.0)
    sprockets-rails (2.1.4)
      actionpack (>= 3.0)
      activesupport (>= 3.0)
      sprockets (~> 2.8)
    thor (0.19.1)
    thread_safe (0.3.4)
    tilt (1.4.1)
    timers (4.0.1)
      hitimes
    treetop (1.4.15)
      polyglot
      polyglot (>= 0.3.1)
    tzinfo (1.2.2)
      thread_safe (~> 0.1)
    uglifier (2.5.3)
      execjs (>= 0.3.0)
      json (>= 1.8.0)
    warden (1.2.3)
      rack (>= 1.0)
    websocket (1.2.1)
    websocket-driver (0.3.4)
    will_paginate (3.0.7)
    xpath (2.0.0)
      nokogiri (~> 1.3)

PLATFORMS
  ruby

DEPENDENCIES
  active_model_serializers
  acts_as_commentable (= 3.0.1)
  acts_as_commentable_with_threading
  acts_as_votable (~> 0.10.0)
  angularjs-rails
  better_errors
  binding_of_caller
  capybara
  coffee-rails (~> 4.0.0)
  database_cleaner
  devise
  factory_girl_rails
  figaro
  font-awesome-rails
  foundation-rails
  gravatar_image_tag
  guard-rspec
  guard-spork
  httparty
  jasmine
  jbuilder (~> 2.0)
  jquery-rails
  js-routes
  json
  nokogiri
  paperclip!
  pg
  poltergeist
  prerender_rails
  pry
  rails (= 4.1.5)
  rails_12factor
  rspec-rails (~> 3.0.0)
  sass-rails (~> 4.0.3)
  sdoc (~> 0.4.0)
  selenium-webdriver
  shoulda
  simple_form
  spork-rails
  spring
  uglifier (>= 1.3.0)
  will_paginate (~> 3.0)
